PATH
  remote: .
  specs:
    bnetd (0.2.0)
      concurrent-ruby
      mongo
      packetgen
      zeitwerk

GEM
  remote: https://rubygems.org/
  specs:
    ast (2.4.2)
    bson (4.15.0)
    concurrent-ruby (1.1.10)
    diff-lcs (1.5.0)
    interfacez (1.0.4)
    json (2.6.2)
    mongo (2.17.1)
      bson (>= 4.8.2, < 5.0.0)
    packetgen (3.2.1)
      interfacez (~> 1.0)
      pcaprub (~> 0.12.0)
      rasn1 (~> 0.8, >= 0.8.0)
    parallel (1.22.1)
    parser (3.1.2.0)
      ast (~> 2.4.1)
    pcaprub (0.12.4)
    rainbow (3.1.1)
    rake (13.0.6)
    rasn1 (0.10.0)
    regexp_parser (2.5.0)
    rexml (3.2.8)
      strscan (>= 3.0.9)
    rspec (3.11.0)
      rspec-core (~> 3.11.0)
      rspec-expectations (~> 3.11.0)
      rspec-mocks (~> 3.11.0)
    rspec-core (3.11.0)
      rspec-support (~> 3.11.0)
    rspec-expectations (3.11.0)
      diff-lcs (>= 1.2.0, < 2.0)
      rspec-support (~> 3.11.0)
    rspec-mocks (3.11.1)
      diff-lcs (>= 1.2.0, < 2.0)
      rspec-support (~> 3.11.0)
    rspec-support (3.11.0)
    rubocop (1.31.2)
      json (~> 2.3)
      parallel (~> 1.10)
      parser (>= 3.1.0.0)
      rainbow (>= 2.2.2, < 4.0)
      regexp_parser (>= 1.8, < 3.0)
      rexml (>= 3.2.5, < 4.0)
      rubocop-ast (>= 1.18.0, < 2.0)
      ruby-progressbar (~> 1.7)
      unicode-display_width (>= 1.4.0, < 3.0)
    rubocop-ast (1.19.1)
      parser (>= 3.1.1.0)
    rubocop-performance (1.14.2)
      rubocop (>= 1.7.0, < 2.0)
      rubocop-ast (>= 0.4.0)
    rubocop-rspec (2.12.1)
      rubocop (~> 1.31)
    ruby-progressbar (1.11.0)
    strscan (3.1.0)
    unicode-display_width (2.2.0)
    zeitwerk (2.6.0)

PLATFORMS
  x86_64-linux

DEPENDENCIES
  bnetd!
  rake (~> 13.0)
  rspec (~> 3.2)
  rubocop
  rubocop-performance
  rubocop-rspec

BUNDLED WITH
   2.3.3
